{
  "AcquisitionMatrixPE": 70,
  "AcquisitionNumber": 1,
  "AcquisitionTime": "15:09:31.262500",
  "BandwidthPerPixelPhaseEncode": 28.571,
  "BaseResolution": 70,
  "BodyPartExamined": "BRAIN",
  "ConsistencyInfo": "N4_VE11C_LATEST_20160120",
  "ConversionSoftware": "dcm2niix",
  "ConversionSoftwareVersion": "v1.0.20190410  GCC6.3.0",
  "DerivedVendorReportedEchoSpacing": 0.000500008,
  "DeviceSerialNumber": "167012",
  "DwellTime": 2.6e-06,
  "EchoTime": 0.03,
  "EchoTrainLength": 70,
  "EffectiveEchoSpacing": 0.000500007,
  "FlipAngle": 90,
  "ImageOrientationPatientDICOM": [0.999969, 0.00210788, 0.00755394, -0.00331603, 0.986507, 0.163687],
  "ImageType": [
    "ORIGINAL",
    "PRIMARY",
    "M",
    "ND",
    "MOSAIC"
],
  "ImagingFrequency": 123.171,
  "InPlanePhaseEncodingDirectionDICOM": "COL",
  "InstitutionAddress": "Vassar_Street_43_Cambridge_Middlesex_US_02139",
  "InstitutionName": "McGovern_Institute_for_Brain_Research_(3T1)",
  "InstitutionalDepartmentName": "Department",
  "MRAcquisitionType": "2D",
  "MagneticFieldStrength": 3,
  "Manufacturer": "Siemens",
  "ManufacturersModelName": "Prisma_fit",
  "Modality": "MR",
  "MultibandAccelerationFactor": 2,
  "PartialFourier": 1,
  "PatientPosition": "HFS",
  "PercentPhaseFOV": 100,
  "PhaseEncodingDirection": "j-",
  "PhaseEncodingSteps": 70,
  "PhaseResolution": 1,
  "PixelBandwidth": 2745,
  "ProcedureStepDescription": "Saxe_Shari",
  "ProtocolName": "MotionLoc2_SMS2_3mm_iso",
  "PulseSequenceDetails": "%SiemensSeq%_ep2d_bold",
  "ReceiveCoilActiveElements": "HEA;HEP",
  "ReceiveCoilName": "Head_32",
  "ReconMatrixPE": 70,
  "RefLinesPE": 12,
  "RepetitionTime": 2,
  "SAR": 0.0603907,
  "ScanOptions": "FS",
  "ScanningSequence": "EP",
  "SequenceName": "_epfid2d1_70",
  "SequenceVariant": "SK",
  "SeriesDescription": "MotionLoc2_SMS2_3mm_iso",
  "SeriesNumber": 20,
  "ShimSetting": [2998, -11943, -10008, 326, -19, -217, -2, -17],
  "SliceThickness": 3,
  "SliceTiming": [0, 0.0775, 0.1575, 0.2375, 0.315, 0.395, 0.475, 0.5525, 0.6325, 0.7125, 0.79, 0.87, 0.95, 1.0275, 1.1075, 1.1875, 1.265, 1.345, 1.425, 1.5025, 1.5825, 1.6625, 1.74, 1.82, 1.9, 0, 0.0775, 0.1575, 0.2375, 0.315, 0.395, 0.475, 0.5525, 0.6325, 0.7125, 0.79, 0.87, 0.95, 1.0275, 1.1075, 1.1875, 1.265, 1.345, 1.425, 1.5025, 1.5825, 1.6625, 1.74, 1.82, 1.9],
  "SoftwareVersions": "syngo_MR_E11",
  "SpacingBetweenSlices": 3.3,
  "StationName": "MRC35115",
  "TaskName": "Motion",
  "TotalReadoutTime": 0.0345005,
  "TxRefAmp": 231.904}