{
  "AcquisitionMatrixPE": 70,
  "AcquisitionNumber": 1,
  "AcquisitionTime": "15:27:41.285000",
  "BandwidthPerPixelPhaseEncode": 28.571,
  "BaseResolution": 70,
  "BodyPartExamined": "BRAIN",
  "ConsistencyInfo": "N4_VE11C_LATEST_20160120",
  "ConversionSoftware": "dcm2niix",
  "ConversionSoftwareVersion": "v1.0.20190410  GCC6.3.0",
  "DerivedVendorReportedEchoSpacing": 0.000500008,
  "DeviceSerialNumber": "167012",
  "DwellTime": 2.6e-06,
  "EchoTime": 0.03,
  "EchoTrainLength": 70,
  "EffectiveEchoSpacing": 0.000500007,
  "FlipAngle": 90,
  "ImageOrientationPatientDICOM": [0.997571, 0.0582357, 0.0382281, -0.0562968, 0.997163, -0.0499723],
  "ImageType": [
    "ORIGINAL",
    "PRIMARY",
    "M",
    "ND",
    "MOSAIC"
],
  "ImagingFrequency": 123.171,
  "InPlanePhaseEncodingDirectionDICOM": "COL",
  "InstitutionAddress": "Vassar_Street_43_Cambridge_Middlesex_US_02139",
  "InstitutionName": "MIT",
  "InstitutionalDepartmentName": "Department",
  "MRAcquisitionType": "2D",
  "MagneticFieldStrength": 3,
  "Manufacturer": "Siemens",
  "ManufacturersModelName": "Prisma_fit",
  "Modality": "MR",
  "MultibandAccelerationFactor": 2,
  "PartialFourier": 1,
  "PatientPosition": "HFS",
  "PercentPhaseFOV": 100,
  "PhaseEncodingDirection": "j-",
  "PhaseEncodingSteps": 70,
  "PhaseResolution": 1,
  "PixelBandwidth": 2745,
  "ProcedureStepDescription": "Saxe_Shari",
  "ProtocolName": "spWMLoc2_SMS2_3mm_iso",
  "PulseSequenceDetails": "%SiemensSeq%_ep2d_bold",
  "ReceiveCoilActiveElements": "HEA;HEP",
  "ReceiveCoilName": "Head_32",
  "ReconMatrixPE": 70,
  "RefLinesPE": 12,
  "RepetitionTime": 2,
  "SAR": 0.0517125,
  "ScanOptions": "FS",
  "ScanningSequence": "EP",
  "SequenceName": "_epfid2d1_70",
  "SequenceVariant": "SK",
  "SeriesDescription": "spWMLoc2_SMS2_3mm_iso",
  "SeriesNumber": 13,
  "ShimSetting": [3021, -11854, -9955, 440, 11, 19, -58, 15],
  "SliceThickness": 3,
  "SliceTiming": [0, 0.08, 0.1575, 0.2375, 0.3175, 0.395, 0.475, 0.555, 0.635, 0.7125, 0.7925, 0.8725, 0.95, 1.03, 1.11, 1.1875, 1.2675, 1.3475, 1.425, 1.505, 1.585, 1.6625, 1.7425, 1.8225, 1.9, 0, 0.08, 0.1575, 0.2375, 0.3175, 0.395, 0.475, 0.555, 0.635, 0.7125, 0.7925, 0.8725, 0.95, 1.03, 1.11, 1.1875, 1.2675, 1.3475, 1.425, 1.505, 1.585, 1.6625, 1.7425, 1.8225, 1.9],
  "SoftwareVersions": "syngo_MR_E11",
  "SpacingBetweenSlices": 3.3,
  "StationName": "MRC35115",
  "TaskName": "spWM",
  "TotalReadoutTime": 0.0345005,
  "TxRefAmp": 219.508}