{
  "AcquisitionMatrixPE": 256,
  "AcquisitionNumber": 1,
  "AcquisitionTime": "14:43:31.292500",
  "BaseResolution": 256,
  "BodyPartExamined": "BRAIN",
  "ConsistencyInfo": "N4_VE11C_LATEST_20160120",
  "ConversionSoftware": "dcm2niix",
  "ConversionSoftwareVersion": "v1.0.20190410  GCC6.3.0",
  "DeviceSerialNumber": "167012",
  "DwellTime": 9.8e-06,
  "EchoTime": 0.0033,
  "FlipAngle": 9,
  "ImageOrientationPatientDICOM": [0.0589016, 0.995028, 0.0803133, 0.0432785, 0.0778321, -0.996027],
  "ImageType": [
    "ORIGINAL",
    "PRIMARY",
    "M",
    "ND",
    "NORM"
],
  "ImagingFrequency": 123.171,
  "InPlanePhaseEncodingDirectionDICOM": "ROW",
  "InstitutionAddress": "Vassar_Street_43_Cambridge_Middlesex_US_02139",
  "InstitutionName": "McGovern_Institute_for_Brain_Research_(3T1)",
  "InstitutionalDepartmentName": "Department",
  "InversionTime": 0.9,
  "MRAcquisitionType": "3D",
  "MagneticFieldStrength": 3,
  "Manufacturer": "Siemens",
  "ManufacturersModelName": "Prisma_fit",
  "Modality": "MR",
  "PartialFourier": 1,
  "PatientPosition": "HFS",
  "PercentPhaseFOV": 100,
  "PhaseEncodingSteps": 255,
  "PhaseResolution": 1,
  "PixelBandwidth": 200,
  "ProcedureStepDescription": "Saxe_Shari",
  "ProtocolName": "T1_MPRAGE_1iso",
  "PulseSequenceDetails": "%SiemensSeq%_tfl",
  "ReceiveCoilActiveElements": "HEA;HEP",
  "ReceiveCoilName": "Head_32",
  "ReconMatrixPE": 256,
  "RefLinesPE": 24,
  "RepetitionTime": 2.53,
  "SAR": 0.0496063,
  "ScanOptions": "IR",
  "ScanningSequence": "GR_IR",
  "SequenceName": "_tfl3d1_16ns",
  "SequenceVariant": "SK_SP_MP",
  "SeriesDescription": "T1_MPRAGE_1iso",
  "SeriesNumber": 6,
  "ShimSetting": [3016, -11853, -10251, 55, 14, 13, 4, -3],
  "SliceThickness": 1,
  "SoftwareVersions": "syngo_MR_E11",
  "StationName": "MRC35115",
  "TxRefAmp": 242.222}